GEM
  remote: https://rubygems.org/
  specs:
    cuba (3.3.0)
      rack
    daemons (1.1.9)
    eventmachine (1.0.4)
    haml (4.0.6)
      tilt
    rack (1.6.0)
    thin (1.6.3)
      daemons (~> 1.0, >= 1.0.9)
      eventmachine (~> 1.0)
      rack (~> 1.0)
    tilt (2.0.1)

PLATFORMS
  ruby

DEPENDENCIES
  cuba (~> 3.3.0)
  haml (~> 4.0.6)
  thin (~> 1.6.3)
  tilt (~> 2.0.1)
