GEM
  remote: https://rubygems.org/
  specs:
    chunky_png (1.3.3)
    compass (1.0.1)
      chunky_png (~> 1.2)
      compass-core (~> 1.0.1)
      compass-import-once (~> 1.0.5)
      rb-fsevent (>= 0.9.3)
      rb-inotify (>= 0.9)
      sass (>= 3.3.13, < 3.5)
    compass-core (1.0.1)
      multi_json (~> 1.0)
      sass (>= 3.3.0, < 3.5)
    compass-import-once (1.0.5)
      sass (>= 3.2, < 3.5)
    cuba (3.3.0)
      rack
    daemons (1.1.9)
    eventmachine (1.0.4)
    ffi (1.9.6)
    haml (4.0.6)
      tilt
    multi_json (1.10.1)
    rack (1.6.0)
    rb-fsevent (0.9.4)
    rb-inotify (0.9.5)
      ffi (>= 0.5.0)
    sass (3.4.9)
    thin (1.6.3)
      daemons (~> 1.0, >= 1.0.9)
      eventmachine (~> 1.0)
      rack (~> 1.0)
    tilt (2.0.1)

PLATFORMS
  ruby

DEPENDENCIES
  compass (~> 1.0.1)
  cuba (~> 3.3.0)
  haml (~> 4.0.6)
  thin (~> 1.6.3)
  tilt (~> 2.0.1)
